GEM
  remote: https://rubygems.org/
  specs:
    activesupport (5.2.6)
      concurrent-ruby (~> 1.0, >= 1.0.2)
      i18n (>= 0.7, < 2)
      minitest (~> 5.1)
      tzinfo (~> 1.1)
    concurrent-ruby (1.1.9)
    ffi (1.15.4)
    i18n (1.8.10)
      concurrent-ruby (~> 1.0)
    minitest (5.14.4)
    mocha (1.13.0)
    mustermann (1.1.1)
      ruby2_keywords (~> 0.0.1)
    ood_core (0.17.6)
      activesupport (>= 5.2, < 6.0)
      ffi (~> 1.9, >= 1.9.6)
      ood_support (~> 0.0.2)
    ood_support (0.0.3)
    rack (2.2.3)
    rack-protection (2.1.0)
      rack
    rake (13.0.6)
    rexml (3.2.6)
    ruby2_keywords (0.0.5)
    sinatra (2.1.0)
      mustermann (~> 1.0)
      rack (~> 2.2)
      rack-protection (= 2.1.0)
      tilt (~> 2.0)
    thread_safe (0.3.6)
    tilt (2.0.10)
    tzinfo (1.2.9)
      thread_safe (~> 0.1)

PLATFORMS
  ruby

DEPENDENCIES
  minitest
  mocha
  ood_core (~> 0.11)
  rake
  rexml
  sinatra

BUNDLED WITH
   2.2.33
